GEM
  remote: https://rubygems.org/
  specs:
    actioncable (5.0.7)
      actionpack (= 5.0.7)
      nio4r (>= 1.2, < 3.0)
      websocket-driver (~> 0.6.1)
    actionmailer (5.0.7)
      actionpack (= 5.0.7)
      actionview (= 5.0.7)
      activejob (= 5.0.7)
      mail (~> 2.5, >= 2.5.4)
      rails-dom-testing (~> 2.0)
    actionpack (5.0.7)
      actionview (= 5.0.7)
      activesupport (= 5.0.7)
      rack (~> 2.0)
      rack-test (~> 0.6.3)
      rails-dom-testing (~> 2.0)
      rails-html-sanitizer (~> 1.0, >= 1.0.2)
    actionview (5.0.7)
      activesupport (= 5.0.7)
      builder (~> 3.1)
      erubis (~> 2.7.0)
      rails-dom-testing (~> 2.0)
      rails-html-sanitizer (~> 1.0, >= 1.0.3)
    activejob (5.0.7)
      activesupport (= 5.0.7)
      globalid (>= 0.3.6)
    activemodel (5.0.7)
      activesupport (= 5.0.7)
    activerecord (5.0.7)
      activemodel (= 5.0.7)
      activesupport (= 5.0.7)
      arel (~> 7.0)
    activesupport (5.0.7)
      concurrent-ruby (~> 1.0, >= 1.0.2)
      i18n (>= 0.7, < 2)
      minitest (~> 5.1)
      tzinfo (~> 1.1)
    acts-as-taggable-on (6.0.0)
      activerecord (~> 5.0)
    addressable (2.5.2)
      public_suffix (>= 2.0.2, < 4.0)
    akami (1.3.1)
      gyoku (>= 0.4.0)
      nokogiri
    arel (7.1.4)
    attr_encrypted (3.0.3)
      encryptor (~> 3.0.0)
    autoprefixer-rails (9.0.0)
      execjs
    aws-sdk (2.11.95)
      aws-sdk-resources (= 2.11.95)
    aws-sdk-core (2.11.95)
      aws-sigv4 (~> 1.0)
      jmespath (~> 1.0)
    aws-sdk-resources (2.11.95)
      aws-sdk-core (= 2.11.95)
    aws-sigv4 (1.0.3)
    axlsx (2.0.1)
      htmlentities (~> 4.3.1)
      nokogiri (>= 1.4.1)
      rubyzip (~> 1.0.0)
    axlsx_rails (0.5.2)
      actionpack (>= 3.1)
      axlsx (>= 2.0.1)
    bcrypt (3.1.12)
    binding_of_caller (0.8.0)
      debug_inspector (>= 0.0.1)
    bootstrap-filestyle-rails (1.2.1)
    bootstrap-sass (3.3.7)
      autoprefixer-rails (>= 5.2.1)
      sass (>= 3.3.4)
    bootstrap-select-rails (1.12.4)
    builder (3.2.3)
    business_time (0.9.3)
      activesupport (>= 3.2.0)
      tzinfo
    byebug (10.0.2)
    celluloid (0.17.3)
      celluloid-essentials
      celluloid-extras
      celluloid-fsm
      celluloid-pool
      celluloid-supervision
      timers (>= 4.1.1)
    celluloid-essentials (0.20.5)
      timers (>= 4.1.1)
    celluloid-extras (0.20.5)
      timers (>= 4.1.1)
    celluloid-fsm (0.20.5)
      timers (>= 4.1.1)
    celluloid-pool (0.20.5)
      timers (>= 4.1.1)
    celluloid-supervision (0.20.6)
      timers (>= 4.1.1)
    chartkick (2.3.5)
    coffee-rails (4.2.2)
      coffee-script (>= 2.2.0)
      railties (>= 4.0.0)
    coffee-script (2.4.1)
      coffee-script-source
      execjs
    coffee-script-source (1.12.2)
    concurrent-ruby (1.0.5)
    connection_pool (2.2.2)
    crass (1.0.4)
    debug_inspector (0.0.3)
    descriptive_statistics (2.4.0)
    domain_name (0.5.20180417)
      unf (>= 0.0.5, < 1.0.0)
    dotenv (2.5.0)
    dotenv-rails (2.5.0)
      dotenv (= 2.5.0)
      railties (>= 3.2, < 6.0)
    down (4.5.0)
    encryptor (3.0.0)
    erubis (2.7.0)
    excon (0.62.0)
    execjs (2.7.0)
    faraday (0.15.2)
      multipart-post (>= 1.2, < 3)
    ffi (1.9.25)
    font-awesome-rails (4.7.0.4)
      railties (>= 3.2, < 6.0)
    geocoder (1.4.9)
    gibbon (3.2.0)
      faraday (>= 0.9.1)
      multi_json (>= 1.11.0)
    globalid (0.4.1)
      activesupport (>= 4.2.0)
    gmaps4rails (2.1.2)
    goldiloader (2.1.1)
      activerecord (>= 4.2, < 5.3)
      activesupport (>= 4.2, < 5.3)
    groupdate (4.0.1)
      activesupport (>= 4.2)
    gyoku (1.3.1)
      builder (>= 2.1.2)
    heroics (0.0.24)
      erubis (~> 2.0)
      excon
      moneta
      multi_json (>= 1.9.2)
    hitimes (1.3.0)
    holidays (6.4.0)
    honeybadger (2.7.2)
    htmlentities (4.3.4)
    http (3.3.0)
      addressable (~> 2.3)
      http-cookie (~> 1.0)
      http-form_data (~> 2.0)
      http_parser.rb (~> 0.6.0)
    http-cookie (1.0.3)
      domain_name (~> 0.5)
    http-form_data (2.1.1)
    http_parser.rb (0.6.0)
    httpi (2.4.3)
      rack
      socksify
    i18n (1.0.1)
      concurrent-ruby (~> 1.0)
    ice_cube (0.14.0)
    image_processing (1.6.0)
      mini_magick (~> 4.0)
      ruby-vips (>= 2.0.11, < 3)
    jbuilder (2.7.0)
      activesupport (>= 4.2.0)
      multi_json (>= 1.2)
    jmespath (1.4.0)
    jquery-fileupload-rails (0.4.7)
      actionpack (>= 3.1)
      railties (>= 3.1)
      sass (>= 3.2)
    jquery-rails (4.3.3)
      rails-dom-testing (>= 1, < 3)
      railties (>= 4.2.0)
      thor (>= 0.14, < 2.0)
    jquery-ui-rails (6.0.1)
      railties (>= 3.2.16)
    json (1.8.6)
    jwt (2.2.1)
    loofah (2.2.2)
      crass (~> 1.0.2)
      nokogiri (>= 1.5.9)
    mail (2.7.0)
      mini_mime (>= 0.1.1)
    mandrill-api (1.0.53)
      excon (>= 0.16.0, < 1.0)
      json (>= 1.7.7, < 2.0)
    mandrill-rails (1.5.0)
      activesupport (>= 4)
    method_source (0.9.0)
    mime-types (3.1)
      mime-types-data (~> 3.2015)
    mime-types-data (3.2016.0521)
    mini_magick (4.8.0)
    mini_mime (1.0.0)
    mini_portile2 (2.3.0)
    minitest (5.11.3)
    moneta (0.8.1)
    monetize (1.7.0)
      money (~> 6.9)
    money (6.11.3)
      i18n (>= 0.6.4, < 1.1)
    money-rails (1.11.0)
      activesupport (>= 3.0)
      monetize (~> 1.7.0)
      money (~> 6.11.0)
      railties (>= 3.0)
    multi_json (1.13.1)
    multipart-post (2.0.0)
    mustermann (1.0.2)
    netrc (0.11.0)
    nio4r (2.3.1)
    nokogiri (1.8.4)
      mini_portile2 (~> 2.3.0)
    nori (2.6.0)
    passenger (5.3.3)
      rack
      rake (>= 0.8.1)
    pdf-core (0.7.0)
    pg (1.0.0)
    phony (2.16.4)
    phony_rails (0.14.7)
      activesupport (>= 3.0)
      phony (> 2.15)
    platform-api (2.1.0)
      heroics (~> 0.0.23)
      moneta (~> 0.8.1)
    prawn (2.2.2)
      pdf-core (~> 0.7.0)
      ttfunk (~> 1.5)
    public_suffix (3.0.2)
    rack (2.0.5)
    rack-cache (1.8.0)
      rack (>= 0.4)
    rack-protection (2.0.3)
      rack
    rack-test (0.6.3)
      rack (>= 1.0)
    rails (5.0.7)
      actioncable (= 5.0.7)
      actionmailer (= 5.0.7)
      actionpack (= 5.0.7)
      actionview (= 5.0.7)
      activejob (= 5.0.7)
      activemodel (= 5.0.7)
      activerecord (= 5.0.7)
      activesupport (= 5.0.7)
      bundler (>= 1.3.0)
      railties (= 5.0.7)
      sprockets-rails (>= 2.0.0)
    rails-dom-testing (2.0.3)
      activesupport (>= 4.2.0)
      nokogiri (>= 1.6)
    rails-html-sanitizer (1.0.4)
      loofah (~> 2.2, >= 2.2.2)
    rails-jquery-tokeninput (0.2.6)
      jquery-rails (>= 2)
    railties (5.0.7)
      actionpack (= 5.0.7)
      activesupport (= 5.0.7)
      method_source
      rake (>= 0.8.7)
      thor (>= 0.18.1, < 2.0)
    rake (12.3.1)
    rb-fsevent (0.10.3)
    rb-inotify (0.9.10)
      ffi (>= 0.5.0, < 2)
    rdoc (4.3.0)
    redis (3.3.5)
    redis-actionpack (5.0.2)
      actionpack (>= 4.0, < 6)
      redis-rack (>= 1, < 3)
      redis-store (>= 1.1.0, < 2)
    redis-activesupport (5.0.7)
      activesupport (>= 3, < 6)
      redis-store (>= 1.3, < 2)
    redis-namespace (1.6.0)
      redis (>= 3.0.4)
    redis-rack (2.0.4)
      rack (>= 1.5, < 3)
      redis-store (>= 1.2, < 2)
    redis-rack-cache (2.0.2)
      rack-cache (>= 1.6, < 2)
      redis-store (>= 1.2, < 2)
    redis-rails (5.0.2)
      redis-actionpack (>= 5.0, < 6)
      redis-activesupport (>= 5.0, < 6)
      redis-store (>= 1.2, < 2)
    redis-store (1.5.0)
      redis (>= 2.2, < 5)
    rest-client (2.0.2)
      http-cookie (>= 1.0.2, < 2.0)
      mime-types (>= 1.16, < 4.0)
      netrc (~> 0.8)
    roda (3.10.0)
      rack
    ruby-vips (2.0.12)
      ffi (~> 1.9)
    ruby_native_statistics (0.8)
    rubyzip (1.0.0)
    sass (3.5.7)
      sass-listen (~> 4.0.0)
    sass-listen (4.0.0)
      rb-fsevent (~> 0.9, >= 0.9.4)
      rb-inotify (~> 0.9, >= 0.9.7)
    sass-rails (5.0.7)
      railties (>= 4.0.0, < 6)
      sass (~> 3.1)
      sprockets (>= 2.8, < 4.0)
      sprockets-rails (>= 2.0, < 4.0)
      tilt (>= 1.1, < 3)
    savon (2.12.0)
      akami (~> 1.2)
      builder (>= 2.1.2)
      gyoku (~> 1.2)
      httpi (~> 2.3)
      nokogiri (>= 1.8.1)
      nori (~> 2.4)
      wasabi (~> 3.4)
    sdoc (0.4.2)
      json (~> 1.7, >= 1.7.7)
      rdoc (~> 4.0)
    select2-rails (4.0.3)
      thor (~> 0.14)
    shrine (2.11.0)
      down (~> 4.1)
    sidekiq (5.1.3)
      concurrent-ruby (~> 1.0)
      connection_pool (~> 2.2, >= 2.2.0)
      rack-protection (>= 1.5.0)
      redis (>= 3.3.5, < 5)
    sidetiq (0.7.2)
      celluloid (>= 0.17.3)
      ice_cube (~> 0.14.0)
      sidekiq (>= 4.1.0)
    sinatra (2.0.3)
      mustermann (~> 1.0)
      rack (~> 2.0)
      rack-protection (= 2.0.3)
      tilt (~> 2.0)
    smarter_csv (1.2.3)
    socksify (1.7.1)
    spring (2.0.2)
      activesupport (>= 4.2)
    sprockets (3.7.2)
      concurrent-ruby (~> 1.0)
      rack (> 1, < 3)
    sprockets-rails (3.2.1)
      actionpack (>= 4.0)
      activesupport (>= 4.0)
      sprockets (>= 3.0.0)
    thor (0.20.0)
    thread_safe (0.3.6)
    tilt (2.0.8)
    timers (4.1.2)
      hitimes
    ttfunk (1.5.1)
    turbolinks (5.1.1)
      turbolinks-source (~> 5.1)
    turbolinks-source (5.1.0)
    twilio-ruby (5.23.1)
      faraday (~> 0.9)
      jwt (>= 1.5, <= 2.5)
      nokogiri (>= 1.6, < 2.0)
    tzinfo (1.2.5)
      thread_safe (~> 0.1)
    uglifier (4.1.16)
      execjs (>= 0.3.0, < 3)
    unf (0.1.4)
      unf_ext
    unf_ext (0.0.7.5)
    wasabi (3.5.0)
      httpi (~> 2.0)
      nokogiri (>= 1.4.2)
    web-console (2.3.0)
      activemodel (>= 4.0)
      binding_of_caller (>= 0.7.2)
      railties (>= 4.0)
      sprockets-rails (>= 2.0, < 4.0)
    websocket-driver (0.6.5)
      websocket-extensions (>= 0.1.0)
    websocket-extensions (0.1.3)
    will_paginate (3.1.6)

PLATFORMS
  ruby

DEPENDENCIES
  acts-as-taggable-on
  attr_encrypted (~> 3.0.0)
  aws-sdk (~> 2)
  axlsx (~> 2.0)
  axlsx_rails
  bcrypt (~> 3.1.7)
  bootstrap-filestyle-rails
  bootstrap-sass
  bootstrap-select-rails
  business_time
  byebug
  chartkick
  coffee-rails (~> 4.2)
  descriptive_statistics (~> 2.4.0)
  dotenv-rails
  font-awesome-rails
  geocoder
  gibbon
  gmaps4rails
  goldiloader
  groupdate
  holidays
  honeybadger (~> 2.0)
  http
  image_processing
  jbuilder (~> 2.0)
  jquery-fileupload-rails
  jquery-rails
  jquery-ui-rails
  mandrill-api
  mandrill-rails
  mini_magick (>= 4.3.5)
  money-rails
  passenger
  pg
  phony_rails
  platform-api
  prawn
  rails (~> 5.0.7)
  rails-jquery-tokeninput
  redis (~> 3.0)
  redis-namespace
  redis-rack-cache
  redis-rails
  rest-client
  roda
  ruby_native_statistics
  sass-rails (~> 5.0)
  savon
  sdoc (~> 0.4.0)
  select2-rails
  shrine
  sidekiq
  sidetiq
  sinatra
  smarter_csv
  spring
  turbolinks (~> 5.x)
  twilio-ruby (~> 5.23.1)
  uglifier (>= 1.3.0)
  web-console (~> 2.0)
  will_paginate

RUBY VERSION
   ruby 2.5.1p57

BUNDLED WITH
   1.16.3
